NUGET
  remote: https://www.nuget.org/api/v2
  specs:
    AvalonEdit (5.0.2)
    FAKE (4.21.4)
    NSubstitute (1.9.2)
    NUnit (3.0.1)
    NUnit.Console (3.0.1)
    NUnit.Runners (3.0.1)
      NUnit.Console (3.0.1)
